GEM
  remote: https://rubygems.org/
  specs:
    ansi (1.5.0)
    ast (2.3.0)
    highline (1.7.8)
    httpclient (2.8.3)
    ice_cube (0.15.0)
    oga (2.9)
      ast
      ruby-ll (~> 2.1)
    ruby-ll (2.1.2)
      ansi
      ast

PLATFORMS
  ruby

DEPENDENCIES
  highline
  httpclient (~> 2.8.3)
  ice_cube (~> 0.15.0)
  oga (~> 2.9)

BUNDLED WITH
   1.13.7
